GEM
  remote: https://rubygems.org/
  specs:
    rack (2.0.3)
    rack-test (0.6.3)
      rack (>= 1.0)
    rake (12.0.0)

PLATFORMS
  ruby

DEPENDENCIES
  rack (~> 2.0.3)
  rack-test (~> 0.6.3)
  rake (~> 12.0.0)

RUBY VERSION
   ruby 2.4.0p0

BUNDLED WITH
   1.15.1
